GEM
  remote: http://rubygems.org/
  specs:
    god (0.12.1)
    puma (1.4.0)
      rack (~> 1.2)
    rack (1.4.1)

PLATFORMS
  ruby

DEPENDENCIES
  god
  puma
  rack
